GEM
  remote: https://rubygems.org/
  specs:
    dotenv (3.1.8)
    event_stream_parser (1.0.0)
    faraday (2.13.1)
      faraday-net_http (>= 2.0, < 3.5)
      json
      logger
    faraday-multipart (1.1.0)
      multipart-post (~> 2.0)
    faraday-net_http (3.4.0)
      net-http (>= 0.5.0)
    faraday-retry (2.3.1)
      faraday (~> 2.0)
    json (2.11.3)
    logger (1.7.0)
    multipart-post (2.4.1)
    net-http (0.6.0)
      uri
    ruby-mcp-client (0.5.1)
      faraday (~> 2.0)
      faraday-retry (~> 2.0)
    ruby-openai (8.1.0)
      event_stream_parser (>= 0.3.0, < 2.0.0)
      faraday (>= 1)
      faraday-multipart (>= 1)
    uri (1.0.3)

PLATFORMS
  arm64-darwin-23
  ruby

DEPENDENCIES
  dotenv
  ruby-mcp-client
  ruby-openai

BUNDLED WITH
   2.6.7
